GEM
  remote: https://rubygems.org/
  specs:
    aws-sdk (2.1.29)
      aws-sdk-resources (= 2.1.29)
    aws-sdk-core (2.1.29)
      jmespath (~> 1.0)
    aws-sdk-resources (2.1.29)
      aws-sdk-core (= 2.1.29)
    convection (0.2.8)
      aws-sdk (>= 2)
      httparty (~> 0.13)
      netaddr (~> 1.5)
      thor (~> 0.19)
    httparty (0.13.7)
      json (~> 1.8)
      multi_xml (>= 0.5.2)
    jmespath (1.1.3)
    json (1.8.3)
    multi_xml (0.5.5)
    netaddr (1.5.0)
    thor (0.19.1)

PLATFORMS
  ruby

DEPENDENCIES
  convection (~> 0.2)
